GIT
  remote: https://github.com/kaspermeyer/interactor.git
  revision: 21bffd91474002864f51dffeaec7c1e4f8ba2143
  branch: fix-hook-inheritance
  specs:
    interactor (3.1.2)

PATH
  remote: .
  specs:
    axn (0.1.0.pre.alpha.1)
      activemodel (> 7.0)
      activesupport (> 7.0)
      interactor (= 3.1.2)

GEM
  remote: https://rubygems.org/
  specs:
    activemodel (7.1.5.1)
      activesupport (= 7.1.5.1)
    activesupport (7.1.5.1)
      base64
      benchmark (>= 0.3)
      bigdecimal
      concurrent-ruby (~> 1.0, >= 1.0.2)
      connection_pool (>= 2.2.5)
      drb
      i18n (>= 1.6, < 2)
      logger (>= 1.4.2)
      minitest (>= 5.1)
      mutex_m
      securerandom (>= 0.3)
      tzinfo (~> 2.0)
    ast (2.4.2)
    base64 (0.2.0)
    benchmark (0.4.0)
    bigdecimal (3.1.9)
    byebug (11.1.3)
    coderay (1.1.3)
    concurrent-ruby (1.3.5)
    connection_pool (2.5.0)
    diff-lcs (1.5.1)
    drb (2.2.1)
    i18n (1.14.7)
      concurrent-ruby (~> 1.0)
    json (2.9.1)
    language_server-protocol (3.17.0.4)
    logger (1.6.6)
    method_source (1.1.0)
    minitest (5.25.5)
    mutex_m (0.3.0)
    parallel (1.26.3)
    parser (3.3.7.1)
      ast (~> 2.4.1)
      racc
    pry (0.14.2)
      coderay (~> 1.1)
      method_source (~> 1.0)
    pry-byebug (3.10.1)
      byebug (~> 11.0)
      pry (>= 0.13, < 0.15)
    racc (1.8.1)
    rack (3.1.12)
    rainbow (3.1.1)
    rake (13.2.1)
    redis-client (0.24.0)
      connection_pool
    regexp_parser (2.10.0)
    rspec (3.13.0)
      rspec-core (~> 3.13.0)
      rspec-expectations (~> 3.13.0)
      rspec-mocks (~> 3.13.0)
    rspec-core (3.13.2)
      rspec-support (~> 3.13.0)
    rspec-expectations (3.13.3)
      diff-lcs (>= 1.2.0, < 2.0)
      rspec-support (~> 3.13.0)
    rspec-mocks (3.13.2)
      diff-lcs (>= 1.2.0, < 2.0)
      rspec-support (~> 3.13.0)
    rspec-support (3.13.2)
    rubocop (1.70.0)
      json (~> 2.3)
      language_server-protocol (>= 3.17.0)
      parallel (~> 1.10)
      parser (>= 3.3.0.2)
      rainbow (>= 2.2.2, < 4.0)
      regexp_parser (>= 2.9.3, < 3.0)
      rubocop-ast (>= 1.36.2, < 2.0)
      ruby-progressbar (~> 1.7)
      unicode-display_width (>= 2.4.0, < 4.0)
    rubocop-ast (1.38.0)
      parser (>= 3.3.1.0)
    ruby-progressbar (1.13.0)
    securerandom (0.4.1)
    sidekiq (8.0.1)
      connection_pool (>= 2.5.0)
      json (>= 2.9.0)
      logger (>= 1.6.2)
      rack (>= 3.1.0)
      redis-client (>= 0.23.2)
    tzinfo (2.0.6)
      concurrent-ruby (~> 1.0)
    unicode-display_width (3.1.4)
      unicode-emoji (~> 4.0, >= 4.0.4)
    unicode-emoji (4.0.4)

PLATFORMS
  arm64-darwin-23
  ruby

DEPENDENCIES
  axn!
  interactor!
  pry-byebug (= 3.10.1)
  rake (~> 13.0)
  rspec (~> 3.2)
  rubocop (~> 1.21)
  sidekiq (~> 8)

BUNDLED WITH
   2.5.6
